PATH
  remote: .
  specs:
    rack-api (1.0.2)
      activesupport (>= 3.0)
      i18n
      rack (>= 1.0.0)
      rack-mount (>= 0.6.0)

GEM
  remote: http://rubygems.org/
  specs:
    activesupport (3.2.2)
      i18n (~> 0.6)
      multi_json (~> 1.0)
    awesome_print (1.0.2)
    coderay (1.0.5)
    diff-lcs (1.1.3)
    i18n (0.6.0)
    method_source (0.7.1)
    multi_json (1.2.0)
    pry (0.9.8.4)
      coderay (~> 1.0.5)
      method_source (~> 0.7.1)
      slop (>= 2.4.4, < 3)
    rack (1.4.1)
    rack-mount (0.8.3)
      rack (>= 1.0.0)
    rack-test (0.5.7)
      rack (>= 1.0)
    rake (0.9.2.2)
    redis (2.2.2)
    rspec (2.9.0)
      rspec-core (~> 2.9.0)
      rspec-expectations (~> 2.9.0)
      rspec-mocks (~> 2.9.0)
    rspec-core (2.9.0)
    rspec-expectations (2.9.0)
      diff-lcs (~> 1.1.3)
    rspec-mocks (2.9.0)
    slop (2.4.4)

PLATFORMS
  ruby

DEPENDENCIES
  awesome_print
  pry
  rack-api!
  rack-test (~> 0.5.7)
  rake (~> 0.9)
  redis (~> 2.2.0)
  rspec (~> 2.6)
